GEM
  remote: https://rubygems.org/
  specs:
    excon (0.21.0)
    heroku-api (0.3.10)
      excon (~> 0.21.0)
    pg (0.15.1)
    thor (0.18.1)

PLATFORMS
  ruby

DEPENDENCIES
  heroku-api
  pg
  thor
